PATH
  remote: .
  specs:
    reset-sim (1.3.0)

GEM
  remote: https://rubygems.org/
  specs:
    rake (10.3.2)

PLATFORMS
  ruby

DEPENDENCIES
  rake
  reset-sim!

BUNDLED WITH
   2.0.2
